GEM
  remote: https://rubygems.org/
  specs:
    approvals (0.0.24)
      nokogiri (~> 1.6)
      thor (~> 0.18)
    diff-lcs (1.1.3)
    mini_portile2 (2.3.0)
    minitest (4.1.0)
    nokogiri (1.8.3)
      mini_portile2 (~> 2.3.0)
    rspec (2.11.0)
      rspec-core (~> 2.11.0)
      rspec-expectations (~> 2.11.0)
      rspec-mocks (~> 2.11.0)
    rspec-core (2.11.1)
    rspec-expectations (2.11.3)
      diff-lcs (~> 1.1.3)
    rspec-mocks (2.11.3)
    thor (0.20.0)

PLATFORMS
  ruby

DEPENDENCIES
  approvals
  minitest
  rspec

BUNDLED WITH
   1.16.1
